{
	"TaskName": "imagery",
	"Manufacturer": "Biosemi",
	"PowerLineFrequency": 50.0,
	"SamplingFrequency": 500.0,
	"SoftwareFilters": "n/a",
	"RecordingDuration": 6694.998,
	"RecordingType": "continuous",
	"EEGReference": "n/a",
	"EEGGround": "n/a",
	"EEGPlacementScheme": "10-05 system",
	"EEGChannelCount": 128,
	"EOGChannelCount": 0,
	"ECGChannelCount": 0,
	"EMGChannelCount": 0,
	"TriggerChannelCount": 0,
	"SoftwareVersions": "BCI2000",
	"HardwareFilters": "n/a",
	"TaskDescription": "Executed movements including left hand (sequential finger-tapping), right hand (sequential finger-tapping), feet (repetitive toe clenching), and rest conditions Trial duration: 4.0s.",
	"Instructions": "Subjects performed repetitive movements at their own pace when arrow was showing",
	"CogAtlasID": "https://www.cognitiveatlas.org/task/id/trm_4c8a834779883/",
	"InstitutionName": "University of Freiburg",
	"InstitutionAddress": "Engelberger Str. 21, Freiburg 79106, Germany",
	"InstitutionalDepartmentName": "Translational Neurotechnology Lab, Epilepsy Center, Medical Center",
	"CapManufacturer": "n/a",
	"CapManufacturersModelName": "n/a",
	"ManufacturersModelName": "n/a",
	"SubjectArtefactDescription": "n/a",
	"DeviceSerialNumber": "n/a",
	"Description": "EEG recording.",
	"MISCChannelCount": 0
}